PATH
  remote: .
  specs:
    stones-spec (0.3.0)
      ruby-stones (~> 0.2)

GEM
  remote: https://rubygems.org/
  specs:
    diff-lcs (1.2.5)
    rspec (3.5.0)
      rspec-core (~> 3.5.0)
      rspec-expectations (~> 3.5.0)
      rspec-mocks (~> 3.5.0)
    rspec-core (3.5.4)
      rspec-support (~> 3.5.0)
    rspec-expectations (3.5.0)
      diff-lcs (>= 1.2.0, < 2.0)
      rspec-support (~> 3.5.0)
    rspec-mocks (3.5.0)
      diff-lcs (>= 1.2.0, < 2.0)
      rspec-support (~> 3.5.0)
    rspec-support (3.5.0)
    ruby-stones (0.2.1)

PLATFORMS
  ruby

DEPENDENCIES
  bundler (~> 1.7)
  rspec (~> 3.4)
  stones-spec!

BUNDLED WITH
   1.13.6
